GEM
  remote: https://rubygems.org/
  specs:
    coderay (1.0.9)
    daemons (1.1.9)
    eventmachine (1.0.3)
    i18n (0.6.4)
    innate (2013.02.21)
      rack (~> 1.5.2)
    mail (2.5.3)
      i18n (>= 0.4.0)
      mime-types (~> 1.16)
      treetop (~> 1.4.8)
    method_source (0.8.1)
    mime-types (1.22)
    nokogiri (1.5.9)
    polyglot (0.3.3)
    pony (1.4)
      mail (> 2.0)
    pry (0.9.12)
      coderay (~> 1.0.5)
      method_source (~> 0.8)
      slop (~> 3.4)
    rack (1.5.2)
    rake (10.0.4)
    ramaze (2012.12.08)
      innate (>= 2012.12)
      rake
    sanitize (2.0.3)
      nokogiri (>= 1.4.4, < 1.6)
    sequel (3.46.0)
    slop (3.4.4)
    sqlite3 (1.3.7)
    thin (1.5.1)
      daemons (>= 1.0.9)
      eventmachine (>= 0.12.6)
      rack (>= 1.0.0)
    treetop (1.4.12)
      polyglot
      polyglot (>= 0.3.1)

PLATFORMS
  ruby

DEPENDENCIES
  pony
  pry
  rake
  ramaze (>= 2.0.0)
  sanitize
  sequel
  sqlite3
  thin
