GEM
  remote: https://rubygems.org/
  specs:
    coderay (1.0.9)
    daemons (1.1.9)
    eventmachine (1.0.3)
    innate (2013.02.21)
      rack (~> 1.5.2)
    json (1.8.0)
    mail (2.5.4)
      mime-types (~> 1.16)
      treetop (~> 1.4.8)
    method_source (0.8.2)
    mime-types (1.23)
    mini_portile (0.5.1)
    nokogiri (1.6.0)
      mini_portile (~> 0.5.0)
    polyglot (0.3.3)
    pony (1.5)
      mail (> 2.0)
    pry (0.9.12.2)
      coderay (~> 1.0.5)
      method_source (~> 0.8)
      slop (~> 3.4)
    rack (1.5.2)
    rack-recaptcha (0.6.6)
      json
    rake (10.1.0)
    ramaze (2012.12.08)
      innate (>= 2012.12)
      rake
    sanitize (2.0.6)
      nokogiri (>= 1.4.4)
    sequel (4.1.1)
    slop (3.4.6)
    sqlite3 (1.3.7)
    thin (1.5.1)
      daemons (>= 1.0.9)
      eventmachine (>= 0.12.6)
      rack (>= 1.0.0)
    treetop (1.4.14)
      polyglot
      polyglot (>= 0.3.1)

PLATFORMS
  ruby

DEPENDENCIES
  pony
  pry
  rack-recaptcha
  rake
  ramaze (>= 2.0.0)
  sanitize
  sequel
  sqlite3
  thin
