GEM
  remote: https://rubygems.org/
  specs:
    daemons (1.1.9)
    eventmachine (1.0.3)
    innate (2013.02.21)
      rack (~> 1.5.2)
    rack (1.5.2)
    rake (10.0.4)
    ramaze (2012.12.08)
      innate (>= 2012.12)
      rake
    sequel (3.46.0)
    sqlite3 (1.3.7)
    thin (1.5.1)
      daemons (>= 1.0.9)
      eventmachine (>= 0.12.6)
      rack (>= 1.0.0)

PLATFORMS
  ruby

DEPENDENCIES
  rake
  ramaze (>= 2.0.0)
  sequel
  sqlite3
  thin
