GEM
  remote: https://rubygems.org/
  specs:
    coderay (1.0.9)
    daemons (1.1.9)
    eventmachine (1.0.3)
    innate (2013.02.21)
      rack (~> 1.5.2)
    method_source (0.8.1)
    net-ldap (0.3.1)
    pry (0.9.12)
      coderay (~> 1.0.5)
      method_source (~> 0.8)
      slop (~> 3.4)
    rack (1.5.2)
    rake (10.0.4)
    ramaze (2012.12.08)
      innate (>= 2012.12)
      rake
    sequel (3.46.0)
    slop (3.4.4)
    sqlite3 (1.3.7)
    thin (1.5.1)
      daemons (>= 1.0.9)
      eventmachine (>= 0.12.6)
      rack (>= 1.0.0)

PLATFORMS
  ruby

DEPENDENCIES
  net-ldap
  pry
  rake
  ramaze (>= 2.0.0)
  sequel
  sqlite3
  thin
